GEM
  specs:
    nfc (3.1.1)

PLATFORMS
  ruby

DEPENDENCIES
  nfc

BUNDLED WITH
   1.11.2
